GEM
  remote: http://rubygems.org/
  specs:
    ffi (1.9.10)
    rubyzip (0.9.9)
    smartcard (0.5.5)
      ffi (>= 1.2.0)
      rubyzip (>= 0.9.9)
      zerg_support (>= 0.1.6)
    zerg_support (0.1.6)

PLATFORMS
  ruby

DEPENDENCIES
  rubyzip (= 0.9.9)
  smartcard (= 0.5.5)
